PATH
  remote: .
  specs:
    lolbase (0.0.1)
      httparty (= 0.6.1)
      nokogiri (= 1.4.4)

GEM
  remote: http://rubygems.org/
  specs:
    crack (0.1.8)
    diff-lcs (1.1.2)
    fakeweb (1.3.0)
    httparty (0.6.1)
      crack (= 0.1.8)
    mocha (0.9.10)
      rake
    nokogiri (1.4.4)
    rake (0.8.7)
    rspec (2.4.0)
      rspec-core (~> 2.4.0)
      rspec-expectations (~> 2.4.0)
      rspec-mocks (~> 2.4.0)
    rspec-core (2.4.0)
    rspec-expectations (2.4.0)
      diff-lcs (~> 1.1.2)
    rspec-mocks (2.4.0)

PLATFORMS
  ruby

DEPENDENCIES
  bundler (>= 1.0.0)
  fakeweb (>= 1.3.0)
  httparty (= 0.6.1)
  lolbase!
  mocha (~> 0.9)
  nokogiri (= 1.4.4)
  rake (>= 0.8.7)
  rspec (>= 2.4.0)
